PATH
  remote: .
  specs:
    bnetd (0.1.0)

GEM
  remote: https://rubygems.org/
  specs:
    ast (2.4.2)
    bson (4.12.1)
    diff-lcs (1.4.4)
    interfacez (1.0.4)
    mongo (2.9.2)
      bson (>= 4.4.2, < 5.0.0)
    packetgen (3.2.0)
      interfacez (~> 1.0)
      pcaprub (~> 0.12.0)
      rasn1 (~> 0.8, >= 0.8.0)
    parallel (1.21.0)
    parser (3.0.3.2)
      ast (~> 2.4.1)
    pcaprub (0.12.4)
    rainbow (3.0.0)
    rake (13.0.6)
    rasn1 (0.8.0)
    regexp_parser (2.2.0)
    rexml (3.2.5)
    rspec (3.10.0)
      rspec-core (~> 3.10.0)
      rspec-expectations (~> 3.10.0)
      rspec-mocks (~> 3.10.0)
    rspec-core (3.10.1)
      rspec-support (~> 3.10.0)
    rspec-expectations (3.10.1)
      diff-lcs (>= 1.2.0, < 2.0)
      rspec-support (~> 3.10.0)
    rspec-mocks (3.10.2)
      diff-lcs (>= 1.2.0, < 2.0)
      rspec-support (~> 3.10.0)
    rspec-support (3.10.3)
    rubocop (1.23.0)
      parallel (~> 1.10)
      parser (>= 3.0.0.0)
      rainbow (>= 2.2.2, < 4.0)
      regexp_parser (>= 1.8, < 3.0)
      rexml
      rubocop-ast (>= 1.12.0, < 2.0)
      ruby-progressbar (~> 1.7)
      unicode-display_width (>= 1.4.0, < 3.0)
    rubocop-ast (1.15.0)
      parser (>= 3.0.1.1)
    ruby-progressbar (1.11.0)
    unicode-display_width (2.1.0)

PLATFORMS
  x86_64-linux

DEPENDENCIES
  bnetd!
  mongo (~> 2.9.0)
  packetgen (~> 3.2.0)
  rake (~> 13.0)
  rspec (~> 3.2)
  rubocop (~> 1.21)

BUNDLED WITH
   2.2.33
